GEM
  remote: https://rubygems.org/
  specs:
    awesome_print (1.6.1)
    builder (3.2.2)
    gon-sinatra (0.1.2)
      sinatra
    httparty (0.13.3)
      json (~> 1.8)
      multi_xml (>= 0.5.2)
    json (1.8.2)
    multi_xml (0.5.5)
    rack (1.6.0)
    rack-protection (1.5.3)
      rack
    sinatra (1.4.5)
      rack (~> 1.4)
      rack-protection (~> 1.4)
      tilt (~> 1.3, >= 1.3.4)
    tilt (1.4.1)
    xml-fu (0.2.0)
      builder (>= 2.1.2)

PLATFORMS
  ruby

DEPENDENCIES
  awesome_print
  gon-sinatra
  httparty
  json
  sinatra
  xml-fu
